GEM
  remote: https://rubygems.org/
  specs:
    dimensions (1.2.0)
    mime-types (2.0)
    sass (3.2.12)
    sass-globbing (1.1.0)
      sass (>= 3.1)

PLATFORMS
  ruby

DEPENDENCIES
  dimensions
  mime-types
  sass
  sass-globbing
